GEM
  remote: https://rubygems.org/
  specs:
    backports (3.3.3)
    exifr (1.1.3)
    multi_json (1.7.9)
    parseconfig (1.0.2)
    prowler (1.3.1)
    rack (1.5.2)
    rack-protection (1.5.0)
      rack
    rack-test (0.6.2)
      rack (>= 1.0)
    rack_csrf (2.4.0)
      rack (>= 0.9)
    ruby-notify-my-android (0.4.3)
      xml-simple (>= 1.0.15)
    sequel (4.1.1)
    sinatra (1.4.3)
      rack (~> 1.4)
      rack-protection (~> 1.4)
      tilt (~> 1.3, >= 1.3.4)
    sinatra-content-for2 (0.3)
      sinatra
    sinatra-contrib (1.4.1)
      backports (>= 2.0)
      multi_json
      rack-protection
      rack-test
      sinatra (~> 1.4.0)
      tilt (~> 1.3)
    sinatra-formhelpers (0.4.0)
    sinatra-reloader (1.0)
      sinatra-contrib
    sqlite3 (1.3.8)
    tilt (1.4.1)
    xml-simple (1.1.2)

PLATFORMS
  ruby

DEPENDENCIES
  exifr
  parseconfig
  prowler
  rack_csrf
  ruby-notify-my-android
  sequel
  sinatra
  sinatra-content-for2
  sinatra-formhelpers
  sinatra-reloader
  sqlite3
